GEM
  specs:
    addressable (2.7.0)
      public_suffix (>= 2.0.2, < 5.0)
    down (5.2.2)
      addressable (~> 2.5)
    public_suffix (4.0.6)
    zip (2.0.2)

PLATFORMS
  ruby
  universal-darwin-20

DEPENDENCIES
  down
  zip

RUBY VERSION
   ruby 2.7.0p0

BUNDLED WITH
   2.2.8
